GIT
  remote: git://github.com/schacon/showoff.git
  revision: d297bd29f3dd192548c6c3ca35900b46bc5bec90
  specs:
    showoff (0.7.0)
      gli (~> 2)
      json
      nokogiri
      parslet
      redcarpet
      sinatra (~> 1.3)

GEM
  remote: https://rubygems.org/
  specs:
    blankslate (2.1.2.4)
    gli (2.5.6)
    json (1.7.7)
    nokogiri (1.5.9)
    parslet (1.5.0)
      blankslate (~> 2.0)
    pdfkit (0.5.3)
    rack (1.5.2)
    rack-protection (1.5.0)
      rack
    redcarpet (3.5.1)
    rmagick (2.13.2)
    sinatra (1.4.2)
      rack (~> 1.5, >= 1.5.2)
      rack-protection (~> 1.4)
      tilt (~> 1.3, >= 1.3.4)
    tilt (1.4.0)
    wkhtmltopdf-binary (0.9.9.1)

PLATFORMS
  ruby

DEPENDENCIES
  pdfkit
  rmagick
  showoff!
  wkhtmltopdf-binary
